PATH
  remote: .
  specs:
    tallakt-picsort (0.0.2)
      exifr (~> 1.3)

GEM
  remote: http://rubygems.org/
  specs:
    exifr (1.3.2)

PLATFORMS
  ruby

DEPENDENCIES
  tallakt-picsort!

BUNDLED WITH
   1.14.6
